PATH
  remote: .
  specs:
    chargify (0.3.0)
      hashie (~> 1.0.0)
      httparty (~> 0.7.4)

GEM
  remote: http://rubygems.org/
  specs:
    crack (0.1.8)
    fakeweb (1.3.0)
    hashie (1.0.0)
    httparty (0.7.7)
      crack (= 0.1.8)
    jnunemaker-matchy (0.4.0)
    mg (0.0.8)
      rake
    mocha (0.9.12)
    rake (0.9.1)
    shoulda (2.11.3)
    test-unit (2.3.0)

PLATFORMS
  ruby

DEPENDENCIES
  chargify!
  fakeweb (>= 1.2.5)
  jnunemaker-matchy (= 0.4.0)
  mg (>= 0.0.8)
  mocha (~> 0.9.8)
  shoulda (>= 2.10.1)
  test-unit (>= 2.3.0)
